GEM
  remote: https://rubygems.org/
  specs:
    ProMotion (0.6.2)
    bubble-wrap (1.3.0)

PLATFORMS
  ruby

DEPENDENCIES
  ProMotion (~> 0.6.2)
  bubble-wrap
